GEM
  remote: https://rubygems.org/
  specs:
    adjacency_list_builder (0.0.1)

PLATFORMS
  x86_64-darwin-19

DEPENDENCIES
  adjacency_list_builder (~> 0.0.1)

BUNDLED WITH
   2.2.27
